GEM
  remote: https://rubygems.org/
  specs:

PLATFORMS
  x64-mingw32

DEPENDENCIES
  bundler

RUBY VERSION
   ruby 2.5.3p105

BUNDLED WITH
   2.0.1
