GEM
  remote: https://rubygems.org/
  specs:
    actioncable (6.1.7.10)
      actionpack (= 6.1.7.10)
      activesupport (= 6.1.7.10)
      nio4r (~> 2.0)
      websocket-driver (>= 0.6.1)
    actionmailbox (6.1.7.10)
      actionpack (= 6.1.7.10)
      activejob (= 6.1.7.10)
      activerecord (= 6.1.7.10)
      activestorage (= 6.1.7.10)
      activesupport (= 6.1.7.10)
      mail (>= 2.7.1)
    actionmailer (6.1.7.10)
      actionpack (= 6.1.7.10)
      actionview (= 6.1.7.10)
      activejob (= 6.1.7.10)
      activesupport (= 6.1.7.10)
      mail (~> 2.5, >= 2.5.4)
      rails-dom-testing (~> 2.0)
    actionpack (6.1.7.10)
      actionview (= 6.1.7.10)
      activesupport (= 6.1.7.10)
      rack (~> 2.0, >= 2.0.9)
      rack-test (>= 0.6.3)
      rails-dom-testing (~> 2.0)
      rails-html-sanitizer (~> 1.0, >= 1.2.0)
    actiontext (6.1.7.10)
      actionpack (= 6.1.7.10)
      activerecord (= 6.1.7.10)
      activestorage (= 6.1.7.10)
      activesupport (= 6.1.7.10)
      nokogiri (>= 1.8.5)
    actionview (6.1.7.10)
      activesupport (= 6.1.7.10)
      builder (~> 3.1)
      erubi (~> 1.4)
      rails-dom-testing (~> 2.0)
      rails-html-sanitizer (~> 1.1, >= 1.2.0)
    activejob (6.1.7.10)
      activesupport (= 6.1.7.10)
      globalid (>= 0.3.6)
    activemodel (6.1.7.10)
      activesupport (= 6.1.7.10)
    activerecord (6.1.7.10)
      activemodel (= 6.1.7.10)
      activesupport (= 6.1.7.10)
    activestorage (6.1.7.10)
      actionpack (= 6.1.7.10)
      activejob (= 6.1.7.10)
      activerecord (= 6.1.7.10)
      activesupport (= 6.1.7.10)
      marcel (~> 1.0)
      mini_mime (>= 1.1.0)
    activesupport (6.1.7.10)
      concurrent-ruby (~> 1.0, >= 1.0.2)
      i18n (>= 1.6, < 2)
      minitest (>= 5.1)
      tzinfo (~> 2.0)
      zeitwerk (~> 2.3)
    addressable (2.8.7)
      public_suffix (>= 2.0.2, < 7.0)
    archive-zip (0.13.1)
      io-like (~> 0.4.0)
    base64 (0.3.0)
    bibtex-ruby (6.1.0)
      latex-decode (~> 0.0)
      racc (~> 1.7)
    bindex (0.8.1)
    bootsnap (1.18.6)
      msgpack (~> 1.2)
    builder (3.3.0)
    byebug (12.0.0)
    capybara (3.40.0)
      addressable
      matrix
      mini_mime (>= 0.1.3)
      nokogiri (~> 1.11)
      rack (>= 1.6.0)
      rack-test (>= 0.6.3)
      regexp_parser (>= 1.5, < 3.0)
      xpath (~> 3.2)
    chromedriver-helper (1.2.0)
      archive-zip (~> 0.10)
      nokogiri (~> 1.8)
    coffee-rails (4.2.2)
      coffee-script (>= 2.2.0)
      railties (>= 4.0.0)
    coffee-script (2.4.1)
      coffee-script-source
      execjs
    coffee-script-source (1.12.2)
    colorize (0.8.1)
    concurrent-ruby (1.3.5)
    connection_pool (2.5.3)
    crass (1.0.6)
    css_parser (1.21.1)
      addressable
    csv (3.3.5)
    date (3.4.1)
    domain_name (0.6.20240107)
    duktape (2.7.0.0)
    erubi (1.13.1)
    execjs (2.10.0)
    faraday (2.7.12)
      base64
      faraday-net_http (>= 2.0, < 3.1)
      ruby2_keywords (>= 0.0.4)
    faraday-follow_redirects (0.1.0)
      faraday (>= 2, < 3)
    faraday-net_http (3.0.2)
    ffi (1.17.2-x64-mingw-ucrt)
    globalid (1.2.1)
      activesupport (>= 6.1)
    htmlentities (4.3.4)
    http-cookie (1.0.8)
      domain_name (~> 0.5)
    i18n (1.14.7)
      concurrent-ruby (~> 1.0)
    ieee-idams (0.2.14)
      lutaml-model (~> 0.7)
      nokogiri
      thor
    image_size (2.1.2)
    io-like (0.4.0)
    iso639 (1.3.3)
    jbuilder (2.13.0)
      actionview (>= 5.0.0)
      activesupport (>= 5.0.0)
    json (2.13.2)
    latex-decode (0.4.0)
    lightly (0.4.0)
    loc_mods (0.2.7)
      lutaml-model (~> 0.5)
      nokogiri
      thor
    logger (1.6.6)
    loofah (2.24.1)
      crass (~> 1.0.2)
      nokogiri (>= 1.12.0)
    lutaml-model (0.7.7)
      moxml (>= 0.1.2)
      thor
    mail (2.8.1)
      mini_mime (>= 0.1.1)
      net-imap
      net-pop
      net-smtp
    marcel (1.0.4)
    matrix (0.4.3)
    mechanize (2.14.0)
      addressable (~> 2.8)
      base64
      domain_name (~> 0.5, >= 0.5.20190701)
      http-cookie (~> 1.0, >= 1.0.3)
      mime-types (~> 3.3)
      net-http-digest_auth (~> 1.4, >= 1.4.1)
      net-http-persistent (>= 2.5.2, < 5.0.dev)
      nkf
      nokogiri (~> 1.11, >= 1.11.2)
      rubyntlm (~> 0.6, >= 0.6.3)
      webrick (~> 1.7)
      webrobots (~> 0.1.2)
    method_source (1.1.0)
    mime-types (3.7.0)
      logger
      mime-types-data (~> 3.2025, >= 3.2025.0507)
    mime-types-data (3.2025.0819)
    mini_mime (1.1.5)
    mini_portile2 (2.8.9)
    minitest (5.25.5)
    moxml (0.1.7)
    msgpack (1.8.0)
    multi_json (1.17.0)
    net-http-digest_auth (1.4.1)
    net-http-persistent (4.0.6)
      connection_pool (~> 2.2, >= 2.2.4)
    net-imap (0.5.9)
      date
      net-protocol
    net-pop (0.1.2)
      net-protocol
    net-protocol (0.2.2)
      timeout
    net-smtp (0.5.1)
      net-protocol
    nio4r (2.7.4)
    nkf (0.2.0)
    nokogiri (1.18.9-x64-mingw-ucrt)
      racc (~> 1.4)
    origami (2.1.0)
      colorize (~> 0.7)
    os (1.1.4)
    parslet (2.0.0)
    pubid (0.1.2)
      pubid-bsi (~> 0.3.4)
      pubid-ccsds (~> 0.1.3)
      pubid-cen (~> 0.2.4)
      pubid-core (~> 1.12.5)
      pubid-etsi (~> 0.1.0)
      pubid-iec (~> 0.3.1)
      pubid-ieee (~> 0.2.2)
      pubid-iso (~> 0.7.5)
      pubid-itu (~> 0.1.0)
      pubid-jis (~> 0.3.2)
      pubid-nist (~> 0.4.0)
    pubid-bsi (0.3.4)
      parslet
      pubid-cen (~> 0.2.4)
      pubid-core (~> 1.12.5)
      pubid-iec (~> 0.3.1)
      pubid-iso (~> 0.7.5)
    pubid-ccsds (0.1.6)
      parslet
      pubid-core (~> 1.12.6)
    pubid-cen (0.2.4)
      parslet
      pubid-core (~> 1.12.5)
      pubid-iec (~> 0.3.1)
      pubid-iso (~> 0.7)
    pubid-core (1.12.11)
      parslet
    pubid-etsi (0.1.0)
      parslet
      pubid-core (~> 1.12.2)
    pubid-iec (0.3.2)
      parslet
      pubid-core (~> 1.12.2)
    pubid-ieee (0.2.2)
      parslet (~> 2.0.0)
      pubid-iso (~> 0.7)
    pubid-iso (0.7.8)
      parslet
      pubid-core (~> 1.12.5)
    pubid-itu (0.1.3)
      parslet
      pubid-core (~> 1.12.2)
    pubid-jis (0.3.2)
      parslet
      pubid-core (~> 1.12.2)
    pubid-nist (0.4.2)
      lightly
      nokogiri
      parslet
      pubid-core (~> 1.12.2)
      rubyzip
      thor
    public_suffix (6.0.2)
    puma (3.12.6)
    racc (1.8.1)
    rack (2.2.17)
    rack-test (2.2.0)
      rack (>= 1.3)
    rails (6.1.7.10)
      actioncable (= 6.1.7.10)
      actionmailbox (= 6.1.7.10)
      actionmailer (= 6.1.7.10)
      actionpack (= 6.1.7.10)
      actiontext (= 6.1.7.10)
      actionview (= 6.1.7.10)
      activejob (= 6.1.7.10)
      activemodel (= 6.1.7.10)
      activerecord (= 6.1.7.10)
      activestorage (= 6.1.7.10)
      activesupport (= 6.1.7.10)
      bundler (>= 1.15.0)
      railties (= 6.1.7.10)
      sprockets-rails (>= 2.0.0)
    rails-dom-testing (2.3.0)
      activesupport (>= 5.0.0)
      minitest
      nokogiri (>= 1.6)
    rails-html-sanitizer (1.6.2)
      loofah (~> 2.21)
      nokogiri (>= 1.15.7, != 1.16.7, != 1.16.6, != 1.16.5, != 1.16.4, != 1.16.3, != 1.16.2, != 1.16.1, != 1.16.0.rc1, != 1.16.0)
    railties (6.1.7.10)
      actionpack (= 6.1.7.10)
      activesupport (= 6.1.7.10)
      method_source
      rake (>= 12.2)
      thor (~> 1.0)
    rake (13.3.0)
    rb-fsevent (0.11.2)
    rb-inotify (0.11.1)
      ffi (~> 1.0)
    redcarpet (3.6.1)
    regexp_parser (2.11.2)
    relaton-bib (1.20.7)
      addressable
      bibtex-ruby
      htmlentities
      iso639
      nokogiri (~> 1.18.3)
      relaton-logger (~> 0.2.0)
    relaton-bipm (1.20.4)
      faraday (~> 2.7.0)
      mechanize (~> 2.10)
      parslet (~> 2.0.0)
      relaton-bib (~> 1.20.0)
      relaton-index (~> 0.2.2)
      rubyzip (~> 2.3.0)
    relaton-doi (1.20.0)
      faraday (~> 2.7)
      relaton-bib (~> 1.20.0)
      relaton-bipm (~> 1.20.0)
      relaton-ieee (~> 1.20.0)
      relaton-ietf (~> 1.20.0)
      relaton-nist (~> 1.20.0)
    relaton-ieee (1.20.1)
      faraday (~> 2.7.0)
      ieee-idams (~> 0.2.14)
      mini_portile2 (~> 2.8.0)
      relaton-bib (~> 1.20.0)
      relaton-index (~> 0.2.0)
      rubyzip (~> 2.3.0)
    relaton-ietf (1.20.0)
      base64
      relaton-bib (~> 1.20.0)
      relaton-index (~> 0.2.3)
    relaton-index (0.2.16)
      pubid-core (~> 1.12.9)
      relaton-logger (~> 0.2.0)
      rubyzip (~> 2.3.0)
    relaton-logger (0.2.2)
      logger (~> 1.6.0)
    relaton-nist (1.20.0)
      base64
      loc_mods (~> 0.2.0)
      pubid (~> 0.1.0)
      relaton-bib (~> 1.20.0)
      relaton-index (~> 0.2.0)
      rubyzip
    rexml (3.4.1)
    ruby-rtf (0.0.5)
    ruby2_keywords (0.0.5)
    rubyXL (3.4.33)
      nokogiri (>= 1.10.8)
      rubyzip (>= 1.3.0)
    rubyntlm (0.6.5)
      base64
    rubyzip (2.3.2)
    sass (3.7.4)
      sass-listen (~> 4.0.0)
    sass-listen (4.0.0)
      rb-fsevent (~> 0.9, >= 0.9.4)
      rb-inotify (~> 0.9, >= 0.9.7)
    sass-rails (5.1.0)
      railties (>= 5.2.0)
      sass (~> 3.1)
      sprockets (>= 2.8, < 4.0)
      sprockets-rails (>= 2.0, < 4.0)
      tilt (>= 1.1, < 3)
    selenium-webdriver (4.35.0)
      base64 (~> 0.2)
      logger (~> 1.4)
      rexml (~> 3.2, >= 3.2.5)
      rubyzip (>= 1.2.2, < 4.0)
      websocket (~> 1.0)
    serrano (1.4)
      faraday (~> 2.2)
      faraday-follow_redirects (~> 0.1.0)
      multi_json (~> 1.15)
      rexml (~> 3.2, >= 3.2.5)
      thor (~> 1.2, >= 1.2.1)
    sprockets (3.7.5)
      base64
      concurrent-ruby (~> 1.0)
      rack (> 1, < 3)
    sprockets-rails (3.5.2)
      actionpack (>= 6.1)
      activesupport (>= 6.1)
      sprockets (>= 3.0.0)
    sqlite3 (2.7.3-x64-mingw-ucrt)
    thor (1.4.0)
    tilt (2.6.1)
    timeout (0.4.3)
    turbolinks (5.2.1)
      turbolinks-source (~> 5.2)
    turbolinks-source (5.2.0)
    tzinfo (2.0.6)
      concurrent-ruby (~> 1.0)
    tzinfo-data (1.2025.2)
      tzinfo (>= 1.0.0)
    uglifier (4.2.1)
      execjs (>= 0.3.0, < 3)
    web-console (4.2.1)
      actionview (>= 6.0.0)
      activemodel (>= 6.0.0)
      bindex (>= 0.4.0)
      railties (>= 6.0.0)
    webrick (1.9.1)
    webrobots (0.1.2)
    websocket (1.2.11)
    websocket-driver (0.8.0)
      base64
      websocket-extensions (>= 0.1.0)
    websocket-extensions (0.1.5)
    write_xlsx (1.12.1)
      nkf
      rubyzip (>= 1.0.0)
    xpath (3.2.0)
      nokogiri (~> 1.8)
    xsv (1.3.2)
      rubyzip (>= 1.3, < 3)
    yaml_db (0.7.0)
      rails (>= 3.0)
      rake (>= 0.8.7)
    zeitwerk (2.7.3)

PLATFORMS
  x64-mingw-ucrt

DEPENDENCIES
  actionview (>= 5.2.4.2)
  bootsnap (>= 1.1.0)
  bundler
  byebug
  capybara (>= 2.15)
  chromedriver-helper (= 1.2.0)
  coffee-rails (~> 4.2)
  css_parser
  csv
  duktape
  faraday
  htmlentities
  image_size (~> 2.0)
  jbuilder (~> 2.5)
  json
  nokogiri (> 1.10.9)
  origami
  os (~> 1.1, >= 1.1.1)
  parslet
  puma (~> 3.11)
  rails (~> 6.1, >= 6.1.7.4)
  redcarpet
  relaton-doi
  ruby-rtf
  rubyXL
  rubyzip (>= 1.3.0)
  sass-rails (~> 5.0)
  selenium-webdriver
  serrano
  sqlite3
  turbolinks (~> 5)
  tzinfo-data
  uglifier (>= 1.3.0)
  web-console (>= 3.3.0)
  write_xlsx
  xsv
  yaml_db

RUBY VERSION
   ruby 3.4.5p51

BUNDLED WITH
   2.7.1
