GIT
  remote: https://github.com/mlibrary/turnsole
  revision: 4d890fe36315c3e05f55b4cb16b0f26ca058ae0e
  specs:
    turnsole (0.1.0)
      faraday
      faraday_middleware
      httparty

GEM
  remote: https://rubygems.org/
  specs:
    csv (3.1.1)
    faraday (0.15.4)
      multipart-post (>= 1.2, < 3)
    faraday_middleware (0.13.1)
      faraday (>= 0.7.4, < 1.0)
    htmlentities (4.3.4)
    httparty (0.17.0)
      mime-types (~> 3.0)
      multi_xml (>= 0.5.2)
    mime-types (3.2.2)
      mime-types-data (~> 3.2015)
    mime-types-data (3.2019.0331)
    mini_portile2 (2.4.0)
    multi_xml (0.6.0)
    multipart-post (2.1.1)
    nokogiri (1.10.4-x64-mingw32)
      mini_portile2 (~> 2.4.0)
    rubyzip (1.2.3)

PLATFORMS
  x64-mingw32

DEPENDENCIES
  bundler
  csv
  htmlentities
  nokogiri
  rubyzip (~> 1.2.2)
  turnsole!

RUBY VERSION
   ruby 2.5.5p157

BUNDLED WITH
   2.0.2
